GEM
  remote: http://rubygems.org/
  specs:
    builder (3.0.0)
    puma (1.3.0)
      rack (~> 1.2)
    rack (1.4.1)
    rack-protection (1.2.0)
      rack
    shotgun (0.9)
      rack (>= 1.0)
    sinatra (1.3.2)
      rack (~> 1.3, >= 1.3.6)
      rack-protection (~> 1.2)
      tilt (~> 1.3, >= 1.3.3)
    tilt (1.3.3)

PLATFORMS
  ruby

DEPENDENCIES
  builder
  puma (~> 1.3.0)
  shotgun
  sinatra (~> 1.3.2)
